
GITHUB
  remote: Ruhrpottpatriot/SemanticVersion
  specs:
    src/SemanticVersion/SemanticVersion.cs (82d66e1e4b3f111af24f465b2c8cd69890e4cfed)
    src/SemanticVersion/SemanticVersionStringExtensions.cs (82d66e1e4b3f111af24f465b2c8cd69890e4cfed)
    src/SemanticVersion/Utilities.cs (82d66e1e4b3f111af24f465b2c8cd69890e4cfed)
    src/SemanticVersion/VersionComparer.cs (82d66e1e4b3f111af24f465b2c8cd69890e4cfed)
GROUP build
NUGET
  remote: http://www.nuget.org/api/v2
  specs:
    FAKE (4.21.0)
